PATH
  remote: .
  specs:
    jarbs (0.3.1)
      aws-sdk (~> 2)
      commander
      rubyzip
      rugged

GEM
  remote: https://rubygems.org/
  specs:
    aws-sdk (2.1.33)
      aws-sdk-resources (= 2.1.33)
    aws-sdk-core (2.1.33)
      jmespath (~> 1.0)
    aws-sdk-resources (2.1.33)
      aws-sdk-core (= 2.1.33)
    coderay (1.1.0)
    commander (4.3.5)
      highline (~> 1.7.2)
    highline (1.7.8)
    jmespath (1.1.3)
    method_source (0.8.2)
    pry (0.10.1)
      coderay (~> 1.1.0)
      method_source (~> 0.8.1)
      slop (~> 3.4)
    rake (10.4.2)
    rubyzip (1.1.7)
    rugged (0.23.3)
    slop (3.6.0)

PLATFORMS
  ruby

DEPENDENCIES
  bundler (~> 1.10)
  jarbs!
  pry
  rake (~> 10.0)

BUNDLED WITH
   1.10.6
