GEM
  remote: https://rubygems.org/
  specs:
    aws-sdk (2.1.32)
      aws-sdk-resources (= 2.1.32)
    aws-sdk-core (2.1.32)
      jmespath (~> 1.0)
    aws-sdk-resources (2.1.32)
      aws-sdk-core (= 2.1.32)
    babel-source (5.8.27)
    babel-transpiler (0.7.0)
      babel-source (>= 4.0, < 6)
      execjs (~> 2.0)
    commander (4.3.5)
      highline (~> 1.7.2)
    execjs (2.6.0)
    highline (1.7.8)
    jmespath (1.1.3)
    zip (2.0.2)

PLATFORMS
  ruby

DEPENDENCIES
  aws-sdk (~> 2)
  babel-transpiler
  commander
  zip

BUNDLED WITH
   1.10.6
