PATH
  remote: .
  specs:
    jarbs (0.1.5)
      aws-sdk (~> 2)
      babel-transpiler
      commander
      rubyzip
      rugged

GEM
  remote: https://rubygems.org/
  specs:
    aws-sdk (2.1.33)
      aws-sdk-resources (= 2.1.33)
    aws-sdk-core (2.1.33)
      jmespath (~> 1.0)
    aws-sdk-resources (2.1.33)
      aws-sdk-core (= 2.1.33)
    babel-source (5.8.30)
    babel-transpiler (0.7.0)
      babel-source (>= 4.0, < 6)
      execjs (~> 2.0)
    commander (4.3.5)
      highline (~> 1.7.2)
    execjs (2.6.0)
    highline (1.7.8)
    jmespath (1.1.3)
    minitest (5.8.1)
    rake (10.4.2)
    rubyzip (1.1.7)
    rugged (0.23.3)

PLATFORMS
  ruby

DEPENDENCIES
  bundler (~> 1.10)
  jarbs!
  minitest
  rake (~> 10.0)

BUNDLED WITH
   1.10.6
